GIT
  remote: git://github.com/aspiers/guard-minitest.git
  revision: 4b660261d3596b7dd2a9fe135f7ee23ca0c04cc1
  specs:
    guard-minitest (0.4.0)
      guard (~> 0.4)

PATH
  remote: .
  specs:
    contrast (1.1.0)
      awesome_print
      subtle

GEM
  remote: https://rubygems.org/
  specs:
    awesome_print (1.1.0)
    blankslate (3.1.2)
    colorize (0.5.8)
    coveralls (0.6.2)
      colorize
      multi_json (~> 1.3)
      rest-client
      simplecov (>= 0.7)
      thor
    ffi (1.4.0)
    guard (0.10.0)
      ffi (>= 0.5.0)
      thor (~> 0.14.6)
    metaclass (0.0.1)
    mime-types (1.21)
    minitest (3.5.0)
    mocha (0.13.3)
      metaclass (~> 0.0.1)
    multi_json (1.6.1)
    rake (10.0.3)
    rest-client (1.6.7)
      mime-types (>= 1.16)
    ruby_gntp (0.3.4)
    simplecov (0.7.1)
      multi_json (~> 1.0)
      simplecov-html (~> 0.7.1)
    simplecov-html (0.7.1)
    subtle (1.1.0)
      blankslate
    thor (0.14.6)

PLATFORMS
  ruby

DEPENDENCIES
  awesome_print
  contrast!
  coveralls
  guard
  guard-minitest!
  minitest (= 3.5.0)
  mocha
  rake
  ruby_gntp
  subtle
